GEM
  remote: https://rubygems.org/
  specs:
    addressable (2.3.5)
    crack (0.4.1)
      safe_yaml (~> 0.9.0)
    diff-lcs (1.2.4)
    eventmachine (1.0.3)
    eventmachine (1.0.3-java)
    git (1.2.6)
    json (1.8.0)
    json (1.8.0-java)
    little-plugger (1.1.3)
    logging (1.8.0)
      little-plugger (>= 1.1.3)
      multi_json (>= 1.3.6)
    maestro-plugin-rake-tasks (1.0.8)
      git
      json (>= 1.4.6)
      nokogiri
      rake (>= 0.9.2)
      rubyzip (< 1.0.0)
      zippy
    maestro_common (0.0.5)
      eventmachine (>= 0.12.10)
      json (>= 1.4.6)
      logging (>= 1.8.0)
      onstomp
      rubyzip (>= 0.9.8, < 1.0.0)
    maestro_plugin (0.0.18)
      json (>= 1.4.6)
      logging (= 1.8.0)
      rubyzip (= 0.9.8)
    metaclass (0.0.1)
    mime-types (2.1)
    mini_portile (0.5.1)
    mocha (0.14.0)
      metaclass (~> 0.0.1)
    multi_json (1.8.0)
    netrc (0.7.7)
    nokogiri (1.6.0)
      mini_portile (~> 0.5.0)
    nokogiri (1.6.0-java)
      mini_portile (~> 0.5.0)
    onstomp (1.0.7)
    rake (10.1.0)
    rcov (0.9.11)
    rcov (0.9.11-java)
    rdoc (4.1.1)
      json (~> 1.4)
    rest-client-maestro (1.7.3.maestro)
      mime-types (>= 1.16)
      netrc (~> 0.7.7)
      rdoc (>= 2.4.2)
    rspec (2.14.1)
      rspec-core (~> 2.14.0)
      rspec-expectations (~> 2.14.0)
      rspec-mocks (~> 2.14.0)
    rspec-core (2.14.5)
    rspec-expectations (2.14.3)
      diff-lcs (>= 1.1.3, < 2.0)
    rspec-mocks (2.14.3)
    rubyzip (0.9.8)
    safe_yaml (0.9.7)
    webmock (1.13.0)
      addressable (>= 2.2.7)
      crack (>= 0.3.2)
    zippy (0.2.1)
      rubyzip (>= 0.9.1)

PLATFORMS
  java
  ruby

DEPENDENCIES
  git
  maestro-plugin-rake-tasks
  maestro_common
  maestro_plugin (>= 0.0.17)
  mocha (>= 0.10.0)
  nokogiri
  rake (>= 0.9.2.2)
  rcov (= 0.9.11)
  rest-client-maestro (= 1.7.3.maestro)
  rspec
  webmock
  zippy
